GEM
  remote: https://rubygems.org/
  specs:
    libxml-ruby (2.8.0)
    metaclass (0.0.4)
    mini_portile (0.6.2)
    mocha (1.1.0)
      metaclass (~> 0.0.1)
    nokogiri (1.6.6.2)
      mini_portile (~> 0.6.0)
    ratom (0.9.0)
      libxml-ruby (~> 2.6)

PLATFORMS
  ruby

DEPENDENCIES
  mocha
  nokogiri (>= 1.6.0)
  ratom (~> 0.9.0)
